PATH
  remote: .
  specs:
    kiwi-schema (0.2.1)

GEM
  remote: https://rubygems.org/
  specs:
    minitest (5.15.0)
    rake (12.3.3)

PLATFORMS
  ruby

DEPENDENCIES
  kiwi-schema!
  minitest (~> 5.0)
  rake (~> 12.0)

BUNDLED WITH
   2.2.3
